PATH
  remote: .
  specs:
    ruby-lsp-rake (0.3.5)
      ruby-lsp (~> 0.24.0)

GEM
  remote: https://rubygems.org/
  specs:
    ast (2.4.3)
    benchmark (0.4.1)
    erubi (1.13.1)
    json (2.12.2)
    language_server-protocol (3.17.0.5)
    lint_roller (1.1.0)
    logger (1.7.0)
    minitest (5.25.5)
    netrc (0.11.0)
    parallel (1.27.0)
    parser (3.3.8.0)
      ast (~> 2.4.1)
      racc
    prism (1.4.0)
    racc (1.8.1)
    rainbow (3.1.1)
    rake (13.3.0)
    rbi (0.3.6)
      prism (~> 1.0)
      rbs (>= 3.4.4)
    rbs (3.9.4)
      logger
    regexp_parser (2.10.0)
    rexml (3.4.1)
    rubocop (1.77.0)
      json (~> 2.3)
      language_server-protocol (~> 3.17.0.2)
      lint_roller (~> 1.1.0)
      parallel (~> 1.10)
      parser (>= 3.3.0.2)
      rainbow (>= 2.2.2, < 4.0)
      regexp_parser (>= 2.9.3, < 3.0)
      rubocop-ast (>= 1.45.1, < 2.0)
      ruby-progressbar (~> 1.7)
      unicode-display_width (>= 2.4.0, < 4.0)
    rubocop-ast (1.45.1)
      parser (>= 3.3.7.2)
      prism (~> 1.4)
    rubocop-oneoff_codemod (0.1.0)
      lint_roller (~> 1.1)
      rbs
      rubocop (>= 1.72.1, < 2.0)
    ruby-lsp (0.24.2)
      language_server-protocol (~> 3.17.0)
      prism (>= 1.2, < 2.0)
      rbs (>= 3, < 5)
      sorbet-runtime (>= 0.5.10782)
    ruby-progressbar (1.13.0)
    sorbet (0.5.12214)
      sorbet-static (= 0.5.12214)
    sorbet-runtime (0.5.12214)
    sorbet-static (0.5.12214-aarch64-linux)
    sorbet-static (0.5.12214-universal-darwin)
    sorbet-static (0.5.12214-x86_64-linux)
    sorbet-static-and-runtime (0.5.12214)
      sorbet (= 0.5.12214)
      sorbet-runtime (= 0.5.12214)
    spoom (1.6.3)
      erubi (>= 1.10.0)
      prism (>= 0.28.0)
      rbi (>= 0.3.3)
      rexml (>= 3.2.6)
      sorbet-static-and-runtime (>= 0.5.10187)
      thor (>= 0.19.2)
    tapioca (0.16.11)
      benchmark
      bundler (>= 2.2.25)
      netrc (>= 0.11.0)
      parallel (>= 1.21.0)
      rbi (~> 0.2)
      sorbet-static-and-runtime (>= 0.5.11087)
      spoom (>= 1.2.0)
      thor (>= 1.2.0)
      yard-sorbet
    thor (1.3.2)
    unicode-display_width (3.1.4)
      unicode-emoji (~> 4.0, >= 4.0.4)
    unicode-emoji (4.0.4)
    yard (0.9.37)
    yard-sorbet (0.9.0)
      sorbet-runtime
      yard

PLATFORMS
  aarch64-linux
  universal-darwin
  x86_64-linux

DEPENDENCIES
  minitest (~> 5.16)
  rake (~> 13.0)
  rubocop (~> 1.21)
  rubocop-oneoff_codemod
  ruby-lsp-rake!
  sorbet-static-and-runtime
  tapioca

BUNDLED WITH
   2.6.9
